GEM
  remote: http://rubygems.org/
  specs:
    archive-tar-minitar (0.5.2)
    bouncy-castle-java (1.5.0146.1)
    erubis (2.7.0)
    ffi (1.0.11-java)
    i18n (0.6.0)
    jruby-openssl (0.7.4)
      bouncy-castle-java
    jruby-win32ole (0.8.5)
    json (1.5.4-java)
    net-scp (1.0.4)
      net-ssh (>= 1.99.1)
    net-ssh (2.1.4)
    thor (0.14.6)
    vagrant (0.8.7)
      archive-tar-minitar (= 0.5.2)
      erubis (~> 2.7.0)
      i18n (~> 0.6.0)
      json (~> 1.5.1)
      net-scp (~> 1.0.4)
      net-ssh (~> 2.1.4)
      thor (~> 0.14.6)
      virtualbox (~> 0.9.1)
    virtualbox (0.9.2)
      ffi (~> 1.0.9)

PLATFORMS
  java

DEPENDENCIES
  jruby-openssl (~> 0.7.4)
  jruby-win32ole (~> 0.8.5)
  vagrant (~> 0.8.7)
